GEM
  remote: https://rubygems.org/
  specs:
    haml (4.0.3)
      tilt
    tilt (1.4.1)

PLATFORMS
  ruby

DEPENDENCIES
  haml
